GEM
  remote: http://rubygems.org/
  specs:
    foreman (0.30.1)
      term-ansicolor (~> 1.0.5)
      thor (>= 0.13.6)
    nokogiri (1.5.0)
    sass (3.1.10)
    term-ansicolor (1.0.6)
    thor (0.14.6)

PLATFORMS
  ruby

DEPENDENCIES
  foreman
  nokogiri
  sass
